PATH
  remote: .
  specs:
    thomas_view_tool (0.1.0)

GEM
  remote: https://rubygems.org/
  specs:
    rake (10.5.0)

PLATFORMS
  ruby

DEPENDENCIES
  bundler (~> 1.13)
  rake (~> 10.0)
  thomas_view_tool!

BUNDLED WITH
   1.13.7
